GEM
  specs:
    concurrent-ruby (1.1.10)
    faker (3.1.0)
      i18n (>= 1.8.11, < 2)
    i18n (1.12.0)
      concurrent-ruby (~> 1.0)

PLATFORMS
  arm64-darwin-21

DEPENDENCIES
  faker

BUNDLED WITH
   2.3.22
